PATH
  remote: .
  specs:
    uniq-gem-repo (0.0.1)
      colorize
      rest-client
      yajl-ruby

GEM
  remote: http://rubygems.org/
  specs:
    colorize (0.5.8)
    mime-types (1.17.2)
    rake (0.9.2.2)
    rest-client (1.6.7)
      mime-types (>= 1.16)
    yajl-ruby (1.0.0)

PLATFORMS
  ruby

DEPENDENCIES
  rake
  uniq-gem-repo!
